GEM
  remote: http://rubygems.org/
  specs:
    json (2.7.1)
    lynx (1.1.0)

PLATFORMS
  ruby

DEPENDENCIES
  json
  lynx (= 1.1.0)

BUNDLED WITH
   1.13.5
