GEM
  remote: http://rubygems.org/
  specs:
    json (2.3.0)
    lynx (0.4.0)
    rack (3.0.9)
    rack-protection (1.5.5)
      rack

PLATFORMS
  ruby

DEPENDENCIES
  json
  lynx (= 0.4.0)

BUNDLED WITH
   1.13.5
